GEM
  remote: https://rubygems.org/
  specs:
    rack (1.6.4)
    rack-protection (1.5.3)
      rack
    sass (3.4.21)
    sinatra (1.4.7)
      rack (~> 1.5)
      rack-protection (~> 1.4)
      tilt (>= 1.3, < 3)
    slim (3.0.6)
      temple (~> 0.7.3)
      tilt (>= 1.3.3, < 2.1)
    temple (0.7.6)
    tilt (2.0.2)
    wrenchmode-rack (0.0.4)

PLATFORMS
  ruby

DEPENDENCIES
  sass
  sinatra
  slim
  wrenchmode-rack (~> 0.0.4)

BUNDLED WITH
   1.10.6
