GEM
  remote: https://rubygems.org/
  specs:
    mustermann (1.0.0.beta2)
    rack (2.0.1)
    rack-protection (2.0.0.beta2)
      rack
    sass (3.4.21)
    sinatra (2.0.0.beta2)
      mustermann (= 1.0.0.beta2)
      rack (~> 2.0)
      rack-protection (= 2.0.0.beta2)
      tilt (~> 2.0)
    slim (3.0.6)
      temple (~> 0.7.3)
      tilt (>= 1.3.3, < 2.1)
    temple (0.7.6)
    tilt (2.0.5)
    wrenchmode-rack (0.1.0)
      rack (>= 1.0)

PLATFORMS
  ruby

DEPENDENCIES
  sass
  sinatra (~> 2.0.0.beta2)
  slim
  wrenchmode-rack (~> 0.1.0)

BUNDLED WITH
   1.10.6
